GIT
  remote: git://github.com/deepfryed/ots.git
  revision: 9617bda4078fae610ac72c03b9e1857fd4ad508f
  specs:
    ots (0.5.4)

GIT
  remote: git://github.com/peterc/whatlanguage.git
  revision: 9796f63f65c50238f7a24dc377b3ba51487b48dc
  specs:
    whatlanguage (1.0.6)

GEM
  remote: https://rubygems.org/
  specs:
    addressable (2.4.0)
    buftok (0.2.0)
    chatterbot (2.0.2)
      colorize (>= 0.7.3)
      launchy (>= 2.4.2)
      oauth (~> 0.4.7)
      twitter (~> 5.16.0)
    colorize (0.7.7)
    daemons (1.2.3)
    domain_name (0.5.20160310)
      unf (>= 0.0.5, < 1.0.0)
    equalizer (0.0.10)
    eventmachine (1.2.0.1)
    faraday (0.9.2)
      multipart-post (>= 1.2, < 3)
    flickraw (0.9.8)
    http (1.0.3)
      addressable (~> 2.3)
      http-cookie (~> 1.0)
      http-form_data (~> 1.0.1)
      http_parser.rb (~> 0.6.0)
    http-cookie (1.0.2)
      domain_name (~> 0.5)
    http-form_data (1.0.1)
    http_parser.rb (0.6.0)
    httparty (0.13.7)
      json (~> 1.8)
      multi_xml (>= 0.5.2)
    json (1.8.3)
    kgio (2.10.0)
    launchy (2.4.3)
      addressable (~> 2.3)
    marky_markov (0.3.5)
      msgpack
    memoizable (0.4.2)
      thread_safe (~> 0.3, >= 0.3.1)
    msgpack (0.7.4)
    multi_xml (0.5.5)
    multipart-post (2.0.0)
    naught (1.1.0)
    oauth (0.4.7)
    rack (1.6.4)
    rack-protection (1.5.3)
      rack
    raindrops (0.16.0)
    redis (3.2.1)
    simple-rss (1.3.1)
    simple_oauth (0.3.1)
    sinatra (1.4.7)
      rack (~> 1.5)
      rack-protection (~> 1.4)
      tilt (>= 1.3, < 3)
    thin (1.6.4)
      daemons (~> 1.0, >= 1.0.9)
      eventmachine (~> 1.0, >= 1.0.4)
      rack (~> 1.0)
    thread_safe (0.3.5)
    tilt (2.0.2)
    twitter (5.16.0)
      addressable (~> 2.3)
      buftok (~> 0.2.0)
      equalizer (= 0.0.10)
      faraday (~> 0.9.0)
      http (~> 1.0)
      http_parser.rb (~> 0.6.0)
      json (~> 1.8)
      memoizable (~> 0.4.0)
      naught (~> 1.0)
      simple_oauth (~> 0.3.0)
    unf (0.1.4)
      unf_ext
    unf_ext (0.0.7.2)
    unicorn (5.0.1)
      kgio (~> 2.6)
      rack
      raindrops (~> 0.7)

PLATFORMS
  ruby

DEPENDENCIES
  chatterbot
  flickraw
  httparty
  marky_markov
  ots!
  rack
  redis
  simple-rss
  sinatra
  thin
  unicorn
  whatlanguage!

BUNDLED WITH
   1.11.2
