GIT
  remote: git://github.com/deepfryed/ots.git
  revision: 9617bda4078fae610ac72c03b9e1857fd4ad508f
  specs:
    ots (0.5.4)

GIT
  remote: git://github.com/peterc/whatlanguage.git
  revision: 9796f63f65c50238f7a24dc377b3ba51487b48dc
  specs:
    whatlanguage (1.0.6)

GIT
  remote: git://github.com/zolrath/marky_markov.git
  revision: 79b12a84a1e63cd69f3a0b0eda72062d8c6eb3aa
  specs:
    marky_markov (0.3.5)
      msgpack

GEM
  remote: https://rubygems.org/
  specs:
    addressable (2.4.0)
    buftok (0.2.0)
    chatterbot (2.0.2)
      colorize (>= 0.7.3)
      launchy (>= 2.4.2)
      oauth (~> 0.4.7)
      twitter (~> 5.16.0)
    colorize (0.7.7)
    domain_name (0.5.20160310)
      unf (>= 0.0.5, < 1.0.0)
    equalizer (0.0.10)
    faraday (0.9.2)
      multipart-post (>= 1.2, < 3)
    http (1.0.3)
      addressable (~> 2.3)
      http-cookie (~> 1.0)
      http-form_data (~> 1.0.1)
      http_parser.rb (~> 0.6.0)
    http-cookie (1.0.2)
      domain_name (~> 0.5)
    http-form_data (1.0.1)
    http_parser.rb (0.6.0)
    json (1.8.3)
    launchy (2.4.3)
      addressable (~> 2.3)
    memoizable (0.4.2)
      thread_safe (~> 0.3, >= 0.3.1)
    msgpack (0.7.4)
    multipart-post (2.0.0)
    naught (1.1.0)
    oauth (0.4.7)
    simple-rss (1.3.1)
    simple_oauth (0.3.1)
    thread_safe (0.3.5)
    twitter (5.16.0)
      addressable (~> 2.3)
      buftok (~> 0.2.0)
      equalizer (= 0.0.10)
      faraday (~> 0.9.0)
      http (~> 1.0)
      http_parser.rb (~> 0.6.0)
      json (~> 1.8)
      memoizable (~> 0.4.0)
      naught (~> 1.0)
      simple_oauth (~> 0.3.0)
    unf (0.1.4)
      unf_ext
    unf_ext (0.0.7.2)

PLATFORMS
  ruby

DEPENDENCIES
  chatterbot
  marky_markov!
  ots!
  simple-rss
  whatlanguage!

BUNDLED WITH
   1.11.2
